GIT
  remote: git://github.com/apslab/ares-engine.git
  revision: fe331bbd985ae2104f278d06990486613a4b3b9c
  specs:
    ares (0.3.0)

GIT
  remote: git://github.com/apslab/odiseo-engine.git
  revision: d5dbbb234984598559dd5615a4fb4a4780c0b3b7
  specs:
    odiseo (0.4.4)
      attrtastic
      cocoon
      formtastic
      haml-rails
      jquery-rails
      kaminari
      meta_search
      meta_where
      nested_set
      prawn

GEM
  remote: http://rubygems.org/
  specs:
    Ascii85 (1.0.1)
    abstract (1.0.0)
    actionmailer (3.0.8.rc1)
      actionpack (= 3.0.8.rc1)
      mail (~> 2.2.19)
    actionpack (3.0.8.rc1)
      activemodel (= 3.0.8.rc1)
      activesupport (= 3.0.8.rc1)
      builder (~> 2.1.2)
      erubis (~> 2.6.6)
      i18n (~> 0.5.0)
      rack (~> 1.2.1)
      rack-mount (~> 0.6.14)
      rack-test (~> 0.5.7)
      tzinfo (~> 0.3.23)
    activemodel (3.0.8.rc1)
      activesupport (= 3.0.8.rc1)
      builder (~> 2.1.2)
      i18n (~> 0.5.0)
    activerecord (3.0.8.rc1)
      activemodel (= 3.0.8.rc1)
      activesupport (= 3.0.8.rc1)
      arel (~> 2.0.10)
      tzinfo (~> 0.3.23)
    activeresource (3.0.8.rc1)
      activemodel (= 3.0.8.rc1)
      activesupport (= 3.0.8.rc1)
    activesupport (3.0.8.rc1)
    annotate (2.4.0)
    arel (2.0.10)
    attrtastic (0.3.3)
      actionpack (>= 3.0)
      activesupport (>= 3.0)
    bcrypt-ruby (2.1.4)
    builder (2.1.2)
    cancan (1.6.5)
    chunky_png (1.2.0)
    cocoon (1.0.4)
    compass (0.11.1)
      chunky_png (~> 1.1)
      fssm (>= 0.2.7)
      sass (~> 3.1)
    dalli (1.0.5)
    devise (1.3.4)
      bcrypt-ruby (~> 2.1.2)
      orm_adapter (~> 0.0.3)
      warden (~> 1.0.3)
    diff-lcs (1.1.2)
    erubis (2.6.6)
      abstract (>= 1.0.0)
    factory_girl (1.3.3)
    factory_girl_rails (1.0.1)
      factory_girl (~> 1.3)
      railties (>= 3.0.0)
    formtastic (1.2.4)
      actionpack (>= 2.3.7)
      activesupport (>= 2.3.7)
      i18n (~> 0.4)
    fssm (0.2.7)
    haml (3.1.2)
    haml-rails (0.3.4)
      actionpack (~> 3.0)
      activesupport (~> 3.0)
      haml (~> 3.0)
      railties (~> 3.0)
    hpricot (0.8.4)
    i18n (0.5.0)
    jquery-rails (1.0.11)
      railties (~> 3.0)
      thor (~> 0.14)
    kaminari (0.12.4)
      rails (>= 3.0.0)
    mail (2.2.19)
      activesupport (>= 2.3.6)
      i18n (>= 0.4.0)
      mime-types (~> 1.16)
      treetop (~> 1.4.8)
    meta_search (1.0.5)
      actionpack (~> 3.0.2)
      activerecord (~> 3.0.2)
      activesupport (~> 3.0.2)
      arel (~> 2.0.2)
    meta_where (1.0.4)
      activerecord (~> 3.0.0)
      activesupport (~> 3.0.0)
      arel (~> 2.0.7)
    mime-types (1.16)
    nested_set (1.6.6)
      activerecord (>= 3.0.0)
      railties (>= 3.0.0)
    orm_adapter (0.0.5)
    pdf-reader (0.9.2)
      Ascii85 (>= 0.9)
    polyglot (0.3.1)
    prawn (0.11.1)
      pdf-reader (>= 0.9.0)
      ttfunk (~> 1.0.0)
    rack (1.2.3)
    rack-mount (0.6.14)
      rack (>= 1.0.0)
    rack-test (0.5.7)
      rack (>= 1.0)
    rails (3.0.8.rc1)
      actionmailer (= 3.0.8.rc1)
      actionpack (= 3.0.8.rc1)
      activerecord (= 3.0.8.rc1)
      activeresource (= 3.0.8.rc1)
      activesupport (= 3.0.8.rc1)
      bundler (~> 1.0)
      railties (= 3.0.8.rc1)
    railties (3.0.8.rc1)
      actionpack (= 3.0.8.rc1)
      activesupport (= 3.0.8.rc1)
      rake (>= 0.8.7)
      thor (~> 0.14.4)
    rake (0.8.7)
    rspec (2.6.0)
      rspec-core (~> 2.6.0)
      rspec-expectations (~> 2.6.0)
      rspec-mocks (~> 2.6.0)
    rspec-core (2.6.4)
    rspec-expectations (2.6.0)
      diff-lcs (~> 1.1.2)
    rspec-mocks (2.6.0)
    rspec-rails (2.6.1)
      actionpack (~> 3.0)
      activesupport (~> 3.0)
      railties (~> 3.0)
      rspec (~> 2.6.0)
    ruby_parser (2.0.6)
      sexp_processor (~> 3.0)
    sass (3.1.2)
    sexp_processor (3.0.5)
    sqlite3 (1.3.3)
    thor (0.14.6)
    treetop (1.4.9)
      polyglot (>= 0.3.1)
    ttfunk (1.0.1)
    tzinfo (0.3.28)
    warden (1.0.4)
      rack (>= 1.0)
    wicked_pdf (0.7.0)

PLATFORMS
  ruby

DEPENDENCIES
  annotate
  ares!
  attrtastic
  cancan
  cocoon
  compass
  dalli
  devise
  factory_girl_rails
  formtastic
  haml-rails
  hpricot
  jquery-rails
  kaminari
  meta_search
  nested_set
  odiseo!
  prawn
  rails (= 3.0.8.rc1)
  rake (= 0.8.7)
  rspec-rails
  ruby_parser
  sqlite3
  wicked_pdf
